PATH
  remote: .
  specs:
    stimulus_helpers (0.1.0)

GEM
  remote: https://rubygems.org/
  specs:
    minitest (5.18.0)
    rake (13.0.6)

PLATFORMS
  arm64-darwin-21

DEPENDENCIES
  bundler
  minitest (~> 5.0)
  rake
  stimulus_helpers!

BUNDLED WITH
   2.3.14
